GEM
  remote: https://rubygems.org/
  specs:
    actionmailer (3.2.13)
      actionpack (= 3.2.13)
      mail (~> 2.5.3)
    actionpack (3.2.13)
      activemodel (= 3.2.13)
      activesupport (= 3.2.13)
      builder (~> 3.0.0)
      erubis (~> 2.7.0)
      journey (~> 1.0.4)
      rack (~> 1.4.5)
      rack-cache (~> 1.2)
      rack-test (~> 0.6.1)
      sprockets (~> 2.2.1)
    activemodel (3.2.13)
      activesupport (= 3.2.13)
      builder (~> 3.0.0)
    activerecord (3.2.13)
      activemodel (= 3.2.13)
      activesupport (= 3.2.13)
      arel (~> 3.0.2)
      tzinfo (~> 0.3.29)
    activesupport (3.2.13)
      i18n (= 0.6.1)
      multi_json (~> 1.0)
    arel (3.0.2)
    builder (3.0.4)
    choice (0.1.6)
    erd (0.1.6)
      nokogiri
      rails-erd (>= 0.4.5)
    erubis (2.7.0)
    fileutils (0.7)
      rmagick (>= 2.13.1)
    hike (1.2.1)
    i18n (0.6.1)
    journey (1.0.4)
    mail (2.5.3)
      i18n (>= 0.4.0)
      mime-types (~> 1.16)
      treetop (~> 1.4.8)
    mime-types (1.21)
    multi_json (1.7.2)
    mysql2 (0.3.11)
    nokogiri (1.5.9)
    open-uri-cached (0.0.5)
    polyglot (0.3.3)
    rack (1.4.5)
    rack-cache (1.2)
      rack (>= 0.4)
    rack-test (0.6.2)
      rack (>= 1.0)
    rails-erd (1.1.0)
      activerecord (>= 3.0)
      activesupport (>= 3.0)
      choice (~> 0.1.6)
      ruby-graphviz (~> 1.0.4)
    rexml-expansion-fix (1.0.1)
    rmagick (2.13.2)
    ruby-graphviz (1.0.8)
    sprockets (2.2.2)
      hike (~> 1.2)
      multi_json (~> 1.0)
      rack (~> 1.0)
      tilt (~> 1.1, != 1.3.0)
    thbar-hpricot (0.8.3.1)
    tilt (1.3.6)
    treetop (1.4.12)
      polyglot
      polyglot (>= 0.3.1)
    tzinfo (0.3.37)

PLATFORMS
  ruby

DEPENDENCIES
  actionmailer
  activerecord
  erd
  fileutils
  mysql2
  open-uri-cached (~> 0.0.5)
  rexml-expansion-fix
  thbar-hpricot
